PATH
  remote: ../..
  specs:
    yard-api (1.1.1)
      yard (~> 0.9.15)
      yard-appendix (~> 0.1.8)

GEM
  remote: https://rubygems.org/
  specs:
    appraisal (2.2.0)
      bundler
      rake
      thor (>= 0.14.0)
    rake (13.0.1)
    thor (0.20.0)
    yard (0.9.20)
    yard-appendix (0.1.8)
      yard (>= 0.8.0)

PLATFORMS
  ruby

DEPENDENCIES
  appraisal
  yard-api!

BUNDLED WITH
   1.17.3
